GEM
  remote: http://rubygems.org/
  specs:
    RedCloth (4.2.3)
    activesupport (2.3.5)
    classifier (1.3.3)
      fast-stemmer (>= 1.0.0)
    coderay (0.9.4)
    directory_watcher (1.3.2)
    fast-stemmer (1.0.0)
    haml (3.0.6)
    haml-coderay (0.1.1)
      coderay
      haml
    liquid (2.2.2)
    maruku (0.6.0)
      syntax (>= 1.0.0)
    open4 (1.0.1)
    rdiscount (1.6.5)
    syntax (1.0.0)

PLATFORMS
  ruby

DEPENDENCIES
  RedCloth
  activesupport (= 2.3.5)
  classifier
  coderay
  directory_watcher
  haml (= 3.0.6)
  haml-coderay
  liquid
  maruku
  open4
  rdiscount
