GEM
  remote: http://rubygems.org/
  specs:
    RedCloth (4.2.3)
    activesupport (2.3.5)
    capistrano (2.5.19)
      highline
      net-scp (>= 1.0.0)
      net-sftp (>= 2.0.0)
      net-ssh (>= 2.0.14)
      net-ssh-gateway (>= 1.0.0)
    classifier (1.3.3)
      fast-stemmer (>= 1.0.0)
    coderay (0.9.5)
    directory_watcher (1.3.2)
    fast-stemmer (1.0.0)
    haml (3.0.21)
    haml-coderay (0.1.1)
      coderay
      haml
    highline (1.6.1)
    liquid (2.2.2)
    maruku (0.6.0)
      syntax (>= 1.0.0)
    net-scp (1.0.4)
      net-ssh (>= 1.99.1)
    net-sftp (2.0.5)
      net-ssh (>= 2.0.9)
    net-ssh (2.0.23)
    net-ssh-gateway (1.0.1)
      net-ssh (>= 1.99.1)
    open4 (1.0.1)
    rdiscount (1.6.5)
    syntax (1.0.0)

PLATFORMS
  ruby

DEPENDENCIES
  RedCloth
  activesupport (= 2.3.5)
  capistrano
  classifier
  coderay
  directory_watcher
  haml (= 3.0.21)
  haml-coderay
  liquid
  maruku
  open4
  rdiscount
